GEM
  remote: http://rubygems.org/
  specs:
    hpricot (0.8.6)
    redis (2.2.2)
    stemmer (1.0.1)

PLATFORMS
  ruby

DEPENDENCIES
  hpricot
  redis
  stemmer
