GEM
  remote: http://rubygems.org/
  specs:
    diff-lcs (1.1.3)
    hpricot (0.8.6)
    redis (2.2.2)
    rspec (2.9.0)
      rspec-core (~> 2.9.0)
      rspec-expectations (~> 2.9.0)
      rspec-mocks (~> 2.9.0)
    rspec-core (2.9.0)
    rspec-expectations (2.9.0)
      diff-lcs (~> 1.1.3)
    rspec-mocks (2.9.0)
    stemmer (1.0.1)

PLATFORMS
  ruby

DEPENDENCIES
  hpricot
  redis
  rspec
  stemmer
